STORAGE: NONE
RESTRICTION: == net9.0
NUGET
  remote: https://api.nuget.org/v3/index.json
    BlackFox.VsWhere (1.1)
      FSharp.Core (>= 4.2.3)
      Microsoft.Win32.Registry (>= 4.7)
    Fake.Core.CommandLineParsing (6.1.3)
      FParsec (>= 1.1.1)
      FSharp.Core (>= 8.0.301)
    Fake.Core.Context (6.1.3)
      FSharp.Core (>= 8.0.301)
    Fake.Core.Environment (6.1.3)
      FSharp.Core (>= 8.0.301)
    Fake.Core.FakeVar (6.1.3)
      Fake.Core.Context (>= 6.1.3)
      FSharp.Core (>= 8.0.301)
    Fake.Core.Process (6.1.3)
      Fake.Core.Environment (>= 6.1.3)
      Fake.Core.FakeVar (>= 6.1.3)
      Fake.Core.String (>= 6.1.3)
      Fake.Core.Trace (>= 6.1.3)
      Fake.IO.FileSystem (>= 6.1.3)
      FSharp.Core (>= 8.0.301)
      System.Collections.Immutable (>= 8.0)
    Fake.Core.ReleaseNotes (6.1.3)
      Fake.Core.SemVer (>= 6.1.3)
      Fake.Core.String (>= 6.1.3)
      FSharp.Core (>= 8.0.301)
    Fake.Core.SemVer (6.1.3)
      FSharp.Core (>= 8.0.301)
    Fake.Core.String (6.1.3)
      FSharp.Core (>= 8.0.301)
    Fake.Core.Target (6.1.3)
      Fake.Core.CommandLineParsing (>= 6.1.3)
      Fake.Core.Context (>= 6.1.3)
      Fake.Core.Environment (>= 6.1.3)
      Fake.Core.FakeVar (>= 6.1.3)
      Fake.Core.Process (>= 6.1.3)
      Fake.Core.String (>= 6.1.3)
      Fake.Core.Trace (>= 6.1.3)
      FSharp.Control.Reactive (>= 5.0.2)
      FSharp.Core (>= 8.0.301)
    Fake.Core.Tasks (6.1.3)
      Fake.Core.Trace (>= 6.1.3)
      FSharp.Core (>= 8.0.301)
    Fake.Core.Trace (6.1.3)
      Fake.Core.Environment (>= 6.1.3)
      Fake.Core.FakeVar (>= 6.1.3)
      FSharp.Core (>= 8.0.301)
    Fake.Core.UserInput (6.1.3)
      FSharp.Core (>= 8.0.301)
    Fake.Core.Xml (6.1.3)
      Fake.Core.String (>= 6.1.3)
      FSharp.Core (>= 8.0.301)
    FAKE.Dotnet (2.0)
    Fake.DotNet.Cli (6.1.3)
      Fake.Core.Environment (>= 6.1.3)
      Fake.Core.Process (>= 6.1.3)
      Fake.Core.String (>= 6.1.3)
      Fake.Core.Trace (>= 6.1.3)
      Fake.DotNet.MSBuild (>= 6.1.3)
      Fake.DotNet.NuGet (>= 6.1.3)
      Fake.IO.FileSystem (>= 6.1.3)
      FSharp.Core (>= 8.0.301)
      Mono.Posix.NETStandard (>= 1.0)
      Newtonsoft.Json (>= 13.0.3)
    Fake.DotNet.MSBuild (6.1.3)
      BlackFox.VsWhere (>= 1.1)
      Fake.Core.Environment (>= 6.1.3)
      Fake.Core.Process (>= 6.1.3)
      Fake.Core.String (>= 6.1.3)
      Fake.Core.Trace (>= 6.1.3)
      Fake.IO.FileSystem (>= 6.1.3)
      FSharp.Core (>= 8.0.301)
      MSBuild.StructuredLogger (>= 2.1.815)
    Fake.DotNet.NuGet (6.1.3)
      Fake.Core.Environment (>= 6.1.3)
      Fake.Core.Process (>= 6.1.3)
      Fake.Core.SemVer (>= 6.1.3)
      Fake.Core.String (>= 6.1.3)
      Fake.Core.Tasks (>= 6.1.3)
      Fake.Core.Trace (>= 6.1.3)
      Fake.Core.Xml (>= 6.1.3)
      Fake.IO.FileSystem (>= 6.1.3)
      Fake.Net.Http (>= 6.1.3)
      FSharp.Core (>= 8.0.301)
      Newtonsoft.Json (>= 13.0.3)
      NuGet.Protocol (>= 6.10.1)
    Fake.IO.FileSystem (6.1.3)
      Fake.Core.String (>= 6.1.3)
      Fake.Core.Trace (>= 6.1.3)
      FSharp.Core (>= 8.0.301)
    Fake.Net.Http (6.1.3)
      Fake.Core.Trace (>= 6.1.3)
      FSharp.Core (>= 8.0.301)
    Fake.Tools.Git (6.1.3)
      Fake.Core.Environment (>= 6.1.3)
      Fake.Core.Process (>= 6.1.3)
      Fake.Core.SemVer (>= 6.1.3)
      Fake.Core.String (>= 6.1.3)
      Fake.Core.Trace (>= 6.1.3)
      Fake.IO.FileSystem (>= 6.1.3)
      FSharp.Core (>= 8.0.301)
    Farmer (1.9.12)
      FSharp.Core (>= 5.0)
      System.Text.Json (>= 5.0)
    FParsec (1.1.1)
      FSharp.Core (>= 4.3.4)
    FSharp.Control.Reactive (6.1.2)
      FSharp.Core (>= 6.0.7)
      System.Reactive (>= 6.0.1)
    FSharp.Core (9.0.202)
    Microsoft.Build.Framework (17.13.9)
    Microsoft.Build.Utilities.Core (17.13.9)
      Microsoft.Build.Framework (>= 17.13.9)
      Microsoft.NET.StringTools (>= 17.13.9)
      System.Collections.Immutable (>= 8.0)
      System.Configuration.ConfigurationManager (>= 8.0)
    Microsoft.NET.StringTools (17.13.9)
    Microsoft.Win32.Registry (5.0)
      System.Security.AccessControl (>= 5.0)
      System.Security.Principal.Windows (>= 5.0)
    Mono.Posix.NETStandard (1.0)
    MSBuild.StructuredLogger (2.2.472)
      Microsoft.Build.Framework (>= 17.5)
      Microsoft.Build.Utilities.Core (>= 17.5)
      System.Collections.Immutable (>= 8.0)
    Newtonsoft.Json (13.0.3)
    NuGet.Common (6.13.2)
      NuGet.Frameworks (>= 6.13.2)
      System.Collections.Immutable (>= 8.0)
    NuGet.Configuration (6.13.2)
      NuGet.Common (>= 6.13.2)
      System.Security.Cryptography.ProtectedData (>= 4.4)
    NuGet.Frameworks (6.13.2)
    NuGet.Packaging (6.13.2)
      Newtonsoft.Json (>= 13.0.3)
      NuGet.Configuration (>= 6.13.2)
      NuGet.Versioning (>= 6.13.2)
      System.Formats.Asn1 (>= 8.0.1)
      System.Security.Cryptography.Pkcs (>= 6.0.4)
    NuGet.Protocol (6.13.2)
      NuGet.Packaging (>= 6.13.2)
    NuGet.Versioning (6.13.2)
    System.Collections.Immutable (9.0.4)
    System.Configuration.ConfigurationManager (9.0.4)
      System.Diagnostics.EventLog (>= 9.0.4)
      System.Security.Cryptography.ProtectedData (>= 9.0.4)
    System.Diagnostics.EventLog (9.0.4)
    System.Formats.Asn1 (9.0.4)
    System.Reactive (6.0.1)
    System.Security.AccessControl (6.0.1)
    System.Security.Cryptography.Pkcs (9.0.4)
    System.Security.Cryptography.ProtectedData (9.0.4)
    System.Security.Principal.Windows (5.0)
    System.Text.Json (9.0.4)

GROUP Docs
RESTRICTION: == net9.0
NUGET
  remote: https://api.nuget.org/v3/index.json
    Azure.Core (1.45)
      Microsoft.Bcl.AsyncInterfaces (>= 6.0)
      System.ClientModel (>= 1.2.1)
      System.Memory.Data (>= 6.0)
      System.Threading.Tasks.Extensions (>= 4.5.4)
    Azure.Storage.Blobs (12.24)
      Azure.Storage.Common (>= 12.23)
    Azure.Storage.Common (12.23)
      Azure.Core (>= 1.44.1)
      System.IO.Hashing (>= 6.0)
    BenchmarkDotNet (0.13.12)
      BenchmarkDotNet.Annotations (>= 0.13.12)
      CommandLineParser (>= 2.9.1)
      Gee.External.Capstone (>= 2.3)
      Iced (>= 1.17)
      Microsoft.CodeAnalysis.CSharp (>= 4.1)
      Microsoft.Diagnostics.Runtime (>= 2.2.332302)
      Microsoft.Diagnostics.Tracing.TraceEvent (>= 3.0.2)
      Microsoft.DotNet.PlatformAbstractions (>= 3.1.6)
      Perfolizer (0.2.1)
      System.Management (>= 5.0)
    BenchmarkDotNet.Annotations (0.14)
    Chia.Client (1.0.9)
      Chia.Shared (>= 1.0.9)
      Elmish.Toastr (>= 2.1)
      Fable.FontAwesome (>= 2.0)
      Fulma (>= 2.10)
    Chia.Shared (1.0.9)
      EPPlus (>= 5.4.2)
      Expecto.BenchmarkDotNet (>= 9.0.2)
      Expecto.FsCheck (>= 9.0.2)
      Farmer (>= 1.2)
      Microsoft.ApplicationInsights.DependencyCollector (>= 2.16)
      Microsoft.ApplicationInsights.PerfCounterCollector (>= 2.16)
      Microsoft.Azure.Devices (>= 1.28.1)
      Microsoft.Azure.Devices.Client (>= 1.33.1)
      Microsoft.Azure.EventHubs (>= 4.3.1)
      StackExchange.Redis (>= 2.2.4)
      TaskBuilder.fs (>= 2.1)
    CommandLineParser (2.9.1)
    DotNetty.Buffers (0.7.6)
      DotNetty.Common (>= 0.7.6)
      System.Runtime.CompilerServices.Unsafe (>= 5.0)
    DotNetty.Codecs (0.7.6)
      DotNetty.Buffers (>= 0.7.6)
      DotNetty.Common (>= 0.7.6)
      DotNetty.Transport (>= 0.7.6)
      System.Collections.Immutable (>= 1.5)
    DotNetty.Codecs.Mqtt (0.7.6)
      DotNetty.Buffers (>= 0.7.6)
      DotNetty.Codecs (>= 0.7.6)
      DotNetty.Common (>= 0.7.6)
      DotNetty.Transport (>= 0.7.6)
    DotNetty.Common (0.7.6)
      Microsoft.Extensions.Logging (>= 5.0)
      System.Runtime.CompilerServices.Unsafe (>= 5.0)
    DotNetty.Handlers (0.7.6)
      DotNetty.Buffers (>= 0.7.6)
      DotNetty.Codecs (>= 0.7.6)
      DotNetty.Common (>= 0.7.6)
      DotNetty.Transport (>= 0.7.6)
    DotNetty.Transport (0.7.6)
      DotNetty.Buffers (>= 0.7.6)
      DotNetty.Common (>= 0.7.6)
    Elmish.Toastr (2.1)
      Fable.Core (>= 3.0)
      Fable.Elmish (>= 3.0)
      FSharp.Core (>= 4.6.2)
    EPPlus (8.0.2)
      EPPlus.Interfaces (>= 8.0)
      Microsoft.Extensions.Configuration.Json (>= 9.0.3)
      Microsoft.IO.RecyclableMemoryStream (>= 3.0.1)
      System.ComponentModel.Annotations (>= 5.0)
      System.Security.Cryptography.Pkcs (>= 9.0.3)
      System.Security.Cryptography.Xml (>= 9.0.3)
      System.Text.Encoding.CodePages (>= 9.0.3)
    EPPlus.Interfaces (8.0)
    Expecto (10.2.3)
      FSharp.Core (>= 7.0.200)
      Mono.Cecil (>= 0.11.4 < 1.0)
    Expecto.BenchmarkDotNet (10.2.3)
      BenchmarkDotNet (>= 0.13.5 < 0.14)
      FSharp.Core (>= 7.0.200)
    Expecto.FsCheck (10.2.3)
      Expecto (>= 10.2.3)
      FsCheck (>= 2.16.5 < 3.0)
    Fable.AST (4.6)
    Fable.Browser.Blob (1.4)
      Fable.Core (>= 3.2.8)
      FSharp.Core (>= 4.7.2)
    Fable.Browser.Dom (2.18.1)
      Fable.Browser.Blob (>= 1.4)
      Fable.Browser.Event (>= 1.7)
      Fable.Browser.WebStorage (>= 1.3)
      Fable.Core (>= 3.2.8)
      FSharp.Core (>= 4.7.2)
    Fable.Browser.Event (1.7)
      Fable.Browser.Gamepad (>= 1.3)
      Fable.Core (>= 3.2.8)
      FSharp.Core (>= 4.7.2)
    Fable.Browser.Gamepad (1.3)
      Fable.Core (>= 3.2.8)
      FSharp.Core (>= 4.7.2)
    Fable.Browser.WebStorage (1.3)
      Fable.Browser.Event (>= 1.6)
      Fable.Core (>= 3.2.8)
      FSharp.Core (>= 4.7.2)
    Fable.Browser.XMLHttpRequest (1.4)
      Fable.Browser.Blob (>= 1.4)
      Fable.Browser.Event (>= 1.6)
      Fable.Core (>= 3.2.8)
      FSharp.Core (>= 4.7.2)
    Fable.Core (4.5)
    Fable.Elmish (4.3)
      Fable.Core (>= 3.7.1)
      FSharp.Core (>= 4.7.2)
    Fable.FontAwesome (3.0)
      Fable.Core (>= 3.7.1)
      Fable.React (>= 9.2)
    Fable.React (9.4)
      Fable.React.Types (>= 18.3)
      Fable.ReactDom.Types (>= 18.2)
      FSharp.Core (>= 4.7.2)
    Fable.React.Types (18.4)
      Fable.Browser.Dom (>= 2.4.4)
      Fable.Core (>= 3.2.7)
      FSharp.Core (>= 4.7.2)
    Fable.ReactDom.Types (18.2)
      Fable.React.Types (>= 18.3)
      FSharp.Core (>= 4.7.2)
    Fable.SimpleHttp (3.6)
      Fable.Browser.Dom (>= 1.0)
      Fable.Browser.XMLHttpRequest (>= 1.1)
      Fable.Core (>= 3.0)
      FSharp.Core (>= 4.6.2)
    Farmer (1.9.12)
      FSharp.Core (>= 5.0)
      System.Text.Json (>= 5.0)
    Feliz (2.9)
      Fable.ReactDom.Types (>= 18.2)
      Feliz.CompilerPlugins (>= 2.2)
      FSharp.Core (>= 4.7.2)
    Feliz.Bulma (3.0)
      Feliz (>= 2.4)
      FSharp.Core (>= 4.7.2)
    Feliz.CompilerPlugins (2.2)
      Fable.AST (>= 4.2.1)
      FSharp.Core (>= 4.7.2)
    Feliz.ElmishComponents (1.2)
      Feliz.UseElmish (>= 1.2.1)
      FSharp.Core (>= 4.7)
    Feliz.Markdown (2.4)
      Feliz (>= 2.4)
      FSharp.Core (>= 4.7.2)
    Feliz.Popover (3.0)
      Feliz (>= 2.0)
      FSharp.Core (>= 4.7.2)
    Feliz.Router (4.0)
      Fable.Elmish (>= 4.0)
      Feliz (>= 2.3)
      FSharp.Core (>= 4.7.2)
    Feliz.UseDeferred (2.0)
      Feliz (>= 2.0)
      FSharp.Core (>= 4.7.2)
    Feliz.UseElmish (2.5)
      Fable.Elmish (>= 4.0)
      FSharp.Core (>= 4.7.2)
    FsCheck (2.16.6)
      FSharp.Core (>= 4.2.3)
    FSharp.Core (9.0.202)
    Fulma (3.0)
      Fable.Core (>= 3.7.1)
      Fable.React (>= 9.2)
    Gee.External.Capstone (2.3)
    Iced (1.21)
    Microsoft.ApplicationInsights (2.23)
      System.Diagnostics.DiagnosticSource (>= 5.0)
    Microsoft.ApplicationInsights.DependencyCollector (2.23)
      Microsoft.ApplicationInsights (>= 2.23)
      System.Diagnostics.DiagnosticSource (>= 5.0)
    Microsoft.ApplicationInsights.PerfCounterCollector (2.23)
      Microsoft.ApplicationInsights (>= 2.23)
      Microsoft.Extensions.Caching.Memory (>= 1.0)
      System.Diagnostics.PerformanceCounter (>= 6.0)
    Microsoft.Azure.Amqp (2.6.9)
    Microsoft.Azure.Devices (1.40)
      Azure.Core (>= 1.44.1)
      Microsoft.Azure.Amqp (>= 2.6.9)
      Microsoft.Azure.Devices.Shared (>= 1.30.4)
      Microsoft.Rest.ClientRuntime (>= 2.3.24)
      Newtonsoft.Json (>= 13.0.3)
      System.Diagnostics.Contracts (>= 4.3)
      System.Diagnostics.TraceSource (>= 4.3)
    Microsoft.Azure.Devices.Client (1.42.3)
      Azure.Storage.Blobs (>= 12.19.1)
      DotNetty.Codecs.Mqtt (>= 0.7.6)
      DotNetty.Common (>= 0.7.6)
      DotNetty.Handlers (>= 0.7.6)
      Microsoft.Azure.Amqp (>= 2.5.12)
      Microsoft.Azure.Devices.Shared (>= 1.30.4)
      Microsoft.Win32.Registry (>= 4.5)
      Newtonsoft.Json (>= 13.0.3)
      System.Configuration.ConfigurationManager (>= 4.4.1)
    Microsoft.Azure.Devices.Shared (1.30.4)
      Microsoft.CSharp (>= 4.7)
      Newtonsoft.Json (>= 13.0.3)
    Microsoft.Azure.EventHubs (4.3.2)
      Microsoft.Azure.Amqp (>= 2.4.11)
      Microsoft.Azure.Services.AppAuthentication (>= 1.0.3 < 2.0)
      System.Diagnostics.DiagnosticSource (>= 4.5.1)
      System.IdentityModel.Tokens.Jwt (>= 5.4)
      System.Net.Http (>= 4.3.4)
      System.Reflection.TypeExtensions (>= 4.5.1 < 4.9)
      System.Runtime.Serialization.Primitives (>= 4.3)
    Microsoft.Azure.Services.AppAuthentication (1.6.2)
      Microsoft.IdentityModel.Clients.ActiveDirectory (>= 5.2.9)
      System.Diagnostics.Process (>= 4.3)
    Microsoft.Bcl.AsyncInterfaces (9.0.4)
    Microsoft.CodeAnalysis.Analyzers (3.11)
    Microsoft.CodeAnalysis.Common (4.13)
      Microsoft.CodeAnalysis.Analyzers (>= 3.11)
      System.Collections.Immutable (>= 8.0)
      System.Reflection.Metadata (>= 8.0)
    Microsoft.CodeAnalysis.CSharp (4.13)
      Microsoft.CodeAnalysis.Analyzers (>= 3.11)
      Microsoft.CodeAnalysis.Common (4.13)
      System.Collections.Immutable (>= 8.0)
      System.Reflection.Metadata (>= 8.0)
    Microsoft.CSharp (4.7)
    Microsoft.Diagnostics.NETCore.Client (0.2.621003)
      Microsoft.Extensions.Logging.Abstractions (>= 6.0.4)
    Microsoft.Diagnostics.Runtime (3.1.512801)
      Microsoft.Diagnostics.NETCore.Client (>= 0.2.410101)
    Microsoft.Diagnostics.Tracing.TraceEvent (3.1.20)
      Microsoft.Diagnostics.NETCore.Client (>= 0.2.510501)
      Microsoft.Win32.Registry (>= 5.0)
      System.Collections.Immutable (>= 8.0)
      System.Reflection.Metadata (>= 8.0)
      System.Reflection.TypeExtensions (>= 4.7)
      System.Runtime.CompilerServices.Unsafe (>= 6.0)
    Microsoft.DotNet.PlatformAbstractions (3.1.6)
    Microsoft.Extensions.Caching.Abstractions (9.0.4)
      Microsoft.Extensions.Primitives (>= 9.0.4)
    Microsoft.Extensions.Caching.Memory (9.0.4)
      Microsoft.Extensions.Caching.Abstractions (>= 9.0.4)
      Microsoft.Extensions.DependencyInjection.Abstractions (>= 9.0.4)
      Microsoft.Extensions.Logging.Abstractions (>= 9.0.4)
      Microsoft.Extensions.Options (>= 9.0.4)
      Microsoft.Extensions.Primitives (>= 9.0.4)
    Microsoft.Extensions.Configuration (9.0.4)
      Microsoft.Extensions.Configuration.Abstractions (>= 9.0.4)
      Microsoft.Extensions.Primitives (>= 9.0.4)
    Microsoft.Extensions.Configuration.Abstractions (9.0.4)
      Microsoft.Extensions.Primitives (>= 9.0.4)
    Microsoft.Extensions.Configuration.FileExtensions (9.0.4)
      Microsoft.Extensions.Configuration (>= 9.0.4)
      Microsoft.Extensions.Configuration.Abstractions (>= 9.0.4)
      Microsoft.Extensions.FileProviders.Abstractions (>= 9.0.4)
      Microsoft.Extensions.FileProviders.Physical (>= 9.0.4)
      Microsoft.Extensions.Primitives (>= 9.0.4)
    Microsoft.Extensions.Configuration.Json (9.0.4)
      Microsoft.Extensions.Configuration (>= 9.0.4)
      Microsoft.Extensions.Configuration.Abstractions (>= 9.0.4)
      Microsoft.Extensions.Configuration.FileExtensions (>= 9.0.4)
      Microsoft.Extensions.FileProviders.Abstractions (>= 9.0.4)
    Microsoft.Extensions.DependencyInjection (9.0.4)
      Microsoft.Extensions.DependencyInjection.Abstractions (>= 9.0.4)
    Microsoft.Extensions.DependencyInjection.Abstractions (9.0.4)
    Microsoft.Extensions.FileProviders.Abstractions (9.0.4)
      Microsoft.Extensions.Primitives (>= 9.0.4)
    Microsoft.Extensions.FileProviders.Physical (9.0.4)
      Microsoft.Extensions.FileProviders.Abstractions (>= 9.0.4)
      Microsoft.Extensions.FileSystemGlobbing (>= 9.0.4)
      Microsoft.Extensions.Primitives (>= 9.0.4)
    Microsoft.Extensions.FileSystemGlobbing (9.0.4)
    Microsoft.Extensions.Logging (9.0.4)
      Microsoft.Extensions.DependencyInjection (>= 9.0.4)
      Microsoft.Extensions.Logging.Abstractions (>= 9.0.4)
      Microsoft.Extensions.Options (>= 9.0.4)
    Microsoft.Extensions.Logging.Abstractions (9.0.4)
      Microsoft.Extensions.DependencyInjection.Abstractions (>= 9.0.4)
    Microsoft.Extensions.Options (9.0.4)
      Microsoft.Extensions.DependencyInjection.Abstractions (>= 9.0.4)
      Microsoft.Extensions.Primitives (>= 9.0.4)
    Microsoft.Extensions.Primitives (9.0.4)
    Microsoft.IdentityModel.Abstractions (8.8)
    Microsoft.IdentityModel.Clients.ActiveDirectory (5.3)
      Microsoft.CSharp (>= 4.3)
      NETStandard.Library (>= 1.6.1)
      System.ComponentModel.TypeConverter (>= 4.3)
      System.Dynamic.Runtime (>= 4.3)
      System.Net.Http (>= 4.3.4)
      System.Private.Uri (>= 4.3.2)
      System.Runtime.Serialization.Formatters (>= 4.3)
      System.Runtime.Serialization.Json (>= 4.3)
      System.Runtime.Serialization.Primitives (>= 4.3)
      System.Security.Cryptography.X509Certificates (>= 4.3)
      System.Security.SecureString (>= 4.3)
      System.Xml.XDocument (>= 4.3)
      System.Xml.XmlDocument (>= 4.3)
    Microsoft.IdentityModel.JsonWebTokens (8.8)
      Microsoft.IdentityModel.Tokens (>= 8.8)
    Microsoft.IdentityModel.Logging (8.8)
      Microsoft.IdentityModel.Abstractions (>= 8.8)
    Microsoft.IdentityModel.Tokens (8.8)
      Microsoft.Extensions.Logging.Abstractions (>= 8.0.2)
      Microsoft.IdentityModel.Logging (>= 8.8)
    Microsoft.IO.RecyclableMemoryStream (3.0.1)
    Microsoft.NETCore.Platforms (7.0.4)
    Microsoft.NETCore.Targets (5.0)
    Microsoft.Rest.ClientRuntime (2.3.24)
      Newtonsoft.Json (>= 10.0.3)
    Microsoft.Win32.Primitives (4.3)
      Microsoft.NETCore.Platforms (>= 1.1)
      Microsoft.NETCore.Targets (>= 1.1)
      System.Runtime (>= 4.3)
    Microsoft.Win32.Registry (5.0)
      System.Security.AccessControl (>= 5.0)
      System.Security.Principal.Windows (>= 5.0)
    Mono.Cecil (0.11.6)
    NETStandard.Library (2.0.3)
      Microsoft.NETCore.Platforms (>= 1.1)
    Newtonsoft.Json (13.0.3)
    Perfolizer (0.2.1)
      System.Memory (>= 4.5.3)
    Pipelines.Sockets.Unofficial (2.2.8)
      System.IO.Pipelines (>= 5.0.1)
    runtime.debian.8-x64.runtime.native.System.Security.Cryptography.OpenSsl (4.3.3)
    runtime.debian.9-x64.runtime.native.System.Security.Cryptography.OpenSsl (4.3.3)
    runtime.fedora.23-x64.runtime.native.System.Security.Cryptography.OpenSsl (4.3.3)
    runtime.fedora.24-x64.runtime.native.System.Security.Cryptography.OpenSsl (4.3.3)
    runtime.fedora.27-x64.runtime.native.System.Security.Cryptography.OpenSsl (4.3.3)
    runtime.fedora.28-x64.runtime.native.System.Security.Cryptography.OpenSsl (4.3.3)
    runtime.native.System (4.3.1)
      Microsoft.NETCore.Platforms (>= 1.1.1)
      Microsoft.NETCore.Targets (>= 1.1.3)
    runtime.native.System.Net.Http (4.3.1)
      Microsoft.NETCore.Platforms (>= 1.1.1)
      Microsoft.NETCore.Targets (>= 1.1.3)
    runtime.native.System.Security.Cryptography.Apple (4.3.1)
      runtime.osx.10.10-x64.runtime.native.System.Security.Cryptography.Apple (>= 4.3.1)
    runtime.native.System.Security.Cryptography.OpenSsl (4.3.3)
      runtime.debian.8-x64.runtime.native.System.Security.Cryptography.OpenSsl (>= 4.3.3)
      runtime.debian.9-x64.runtime.native.System.Security.Cryptography.OpenSsl (>= 4.3.3)
      runtime.fedora.23-x64.runtime.native.System.Security.Cryptography.OpenSsl (>= 4.3.3)
      runtime.fedora.24-x64.runtime.native.System.Security.Cryptography.OpenSsl (>= 4.3.3)
      runtime.fedora.27-x64.runtime.native.System.Security.Cryptography.OpenSsl (>= 4.3.3)
      runtime.fedora.28-x64.runtime.native.System.Security.Cryptography.OpenSsl (>= 4.3.3)
      runtime.opensuse.13.2-x64.runtime.native.System.Security.Cryptography.OpenSsl (>= 4.3.3)
      runtime.opensuse.42.1-x64.runtime.native.System.Security.Cryptography.OpenSsl (>= 4.3.3)
      runtime.opensuse.42.3-x64.runtime.native.System.Security.Cryptography.OpenSsl (>= 4.3.3)
      runtime.osx.10.10-x64.runtime.native.System.Security.Cryptography.OpenSsl (>= 4.3.3)
      runtime.rhel.7-x64.runtime.native.System.Security.Cryptography.OpenSsl (>= 4.3.3)
      runtime.ubuntu.14.04-x64.runtime.native.System.Security.Cryptography.OpenSsl (>= 4.3.3)
      runtime.ubuntu.16.04-x64.runtime.native.System.Security.Cryptography.OpenSsl (>= 4.3.3)
      runtime.ubuntu.16.10-x64.runtime.native.System.Security.Cryptography.OpenSsl (>= 4.3.3)
      runtime.ubuntu.18.04-x64.runtime.native.System.Security.Cryptography.OpenSsl (>= 4.3.3)
    runtime.opensuse.13.2-x64.runtime.native.System.Security.Cryptography.OpenSsl (4.3.3)
    runtime.opensuse.42.1-x64.runtime.native.System.Security.Cryptography.OpenSsl (4.3.3)
    runtime.opensuse.42.3-x64.runtime.native.System.Security.Cryptography.OpenSsl (4.3.3)
    runtime.osx.10.10-x64.runtime.native.System.Security.Cryptography.Apple (4.3.1)
    runtime.osx.10.10-x64.runtime.native.System.Security.Cryptography.OpenSsl (4.3.3)
    runtime.rhel.7-x64.runtime.native.System.Security.Cryptography.OpenSsl (4.3.3)
    runtime.ubuntu.14.04-x64.runtime.native.System.Security.Cryptography.OpenSsl (4.3.3)
    runtime.ubuntu.16.04-x64.runtime.native.System.Security.Cryptography.OpenSsl (4.3.3)
    runtime.ubuntu.16.10-x64.runtime.native.System.Security.Cryptography.OpenSsl (4.3.3)
    runtime.ubuntu.18.04-x64.runtime.native.System.Security.Cryptography.OpenSsl (4.3.3)
    StackExchange.Redis (2.8.31)
      Microsoft.Extensions.Logging.Abstractions (>= 6.0)
      Pipelines.Sockets.Unofficial (>= 2.2.8)
    System.ClientModel (1.3)
      Microsoft.Extensions.Logging.Abstractions (>= 6.0)
      System.Memory.Data (>= 6.0)
    System.CodeDom (9.0.4)
    System.Collections (4.3)
      Microsoft.NETCore.Platforms (>= 1.1)
      Microsoft.NETCore.Targets (>= 1.1)
      System.Runtime (>= 4.3)
    System.Collections.Concurrent (4.3)
      System.Collections (>= 4.3)
      System.Diagnostics.Debug (>= 4.3)
      System.Diagnostics.Tracing (>= 4.3)
      System.Globalization (>= 4.3)
      System.Reflection (>= 4.3)
      System.Resources.ResourceManager (>= 4.3)
      System.Runtime (>= 4.3)
      System.Runtime.Extensions (>= 4.3)
      System.Threading (>= 4.3)
      System.Threading.Tasks (>= 4.3)
    System.Collections.Immutable (9.0.4)
    System.Collections.NonGeneric (4.3)
      System.Diagnostics.Debug (>= 4.3)
      System.Globalization (>= 4.3)
      System.Resources.ResourceManager (>= 4.3)
      System.Runtime (>= 4.3)
      System.Runtime.Extensions (>= 4.3)
      System.Threading (>= 4.3)
    System.Collections.Specialized (4.3)
      System.Collections.NonGeneric (>= 4.3)
      System.Globalization (>= 4.3)
      System.Globalization.Extensions (>= 4.3)
      System.Resources.ResourceManager (>= 4.3)
      System.Runtime (>= 4.3)
      System.Runtime.Extensions (>= 4.3)
      System.Threading (>= 4.3)
    System.ComponentModel (4.3)
      System.Runtime (>= 4.3)
    System.ComponentModel.Annotations (5.0)
    System.ComponentModel.Primitives (4.3)
      System.ComponentModel (>= 4.3)
      System.Resources.ResourceManager (>= 4.3)
      System.Runtime (>= 4.3)
    System.ComponentModel.TypeConverter (4.3)
      System.Collections (>= 4.3)
      System.Collections.NonGeneric (>= 4.3)
      System.Collections.Specialized (>= 4.3)
      System.ComponentModel (>= 4.3)
      System.ComponentModel.Primitives (>= 4.3)
      System.Globalization (>= 4.3)
      System.Linq (>= 4.3)
      System.Reflection (>= 4.3)
      System.Reflection.Extensions (>= 4.3)
      System.Reflection.Primitives (>= 4.3)
      System.Reflection.TypeExtensions (>= 4.3)
      System.Resources.ResourceManager (>= 4.3)
      System.Runtime (>= 4.3)
      System.Runtime.Extensions (>= 4.3)
      System.Threading (>= 4.3)
    System.Configuration.ConfigurationManager (9.0.4)
      System.Diagnostics.EventLog (>= 9.0.4)
      System.Security.Cryptography.ProtectedData (>= 9.0.4)
    System.Diagnostics.Contracts (4.3)
      System.Runtime (>= 4.3)
    System.Diagnostics.Debug (4.3)
      Microsoft.NETCore.Platforms (>= 1.1)
      Microsoft.NETCore.Targets (>= 1.1)
      System.Runtime (>= 4.3)
    System.Diagnostics.DiagnosticSource (9.0.4)
    System.Diagnostics.EventLog (9.0.4)
    System.Diagnostics.PerformanceCounter (9.0.4)
      System.Configuration.ConfigurationManager (>= 9.0.4)
    System.Diagnostics.Process (4.3)
      Microsoft.NETCore.Platforms (>= 1.1)
      Microsoft.Win32.Primitives (>= 4.3)
      Microsoft.Win32.Registry (>= 4.3)
      runtime.native.System (>= 4.3)
      System.Collections (>= 4.3)
      System.Diagnostics.Debug (>= 4.3)
      System.Globalization (>= 4.3)
      System.IO (>= 4.3)
      System.IO.FileSystem (>= 4.3)
      System.IO.FileSystem.Primitives (>= 4.3)
      System.Resources.ResourceManager (>= 4.3)
      System.Runtime (>= 4.3)
      System.Runtime.Extensions (>= 4.3)
      System.Runtime.Handles (>= 4.3)
      System.Runtime.InteropServices (>= 4.3)
      System.Text.Encoding (>= 4.3)
      System.Text.Encoding.Extensions (>= 4.3)
      System.Threading (>= 4.3)
      System.Threading.Tasks (>= 4.3)
      System.Threading.Thread (>= 4.3)
      System.Threading.ThreadPool (>= 4.3)
    System.Diagnostics.Tools (4.3)
      Microsoft.NETCore.Platforms (>= 1.1)
      Microsoft.NETCore.Targets (>= 1.1)
      System.Runtime (>= 4.3)
    System.Diagnostics.TraceSource (4.3)
      Microsoft.NETCore.Platforms (>= 1.1)
      runtime.native.System (>= 4.3)
      System.Collections (>= 4.3)
      System.Diagnostics.Debug (>= 4.3)
      System.Globalization (>= 4.3)
      System.Resources.ResourceManager (>= 4.3)
      System.Runtime (>= 4.3)
      System.Runtime.Extensions (>= 4.3)
      System.Threading (>= 4.3)
    System.Diagnostics.Tracing (4.3)
      Microsoft.NETCore.Platforms (>= 1.1)
      Microsoft.NETCore.Targets (>= 1.1)
      System.Runtime (>= 4.3)
    System.Dynamic.Runtime (4.3)
      System.Collections (>= 4.3)
      System.Diagnostics.Debug (>= 4.3)
      System.Linq (>= 4.3)
      System.Linq.Expressions (>= 4.3)
      System.ObjectModel (>= 4.3)
      System.Reflection (>= 4.3)
      System.Reflection.Emit (>= 4.3)
      System.Reflection.Emit.ILGeneration (>= 4.3)
      System.Reflection.Primitives (>= 4.3)
      System.Reflection.TypeExtensions (>= 4.3)
      System.Resources.ResourceManager (>= 4.3)
      System.Runtime (>= 4.3)
      System.Runtime.Extensions (>= 4.3)
      System.Threading (>= 4.3)
    System.Formats.Asn1 (9.0.4)
    System.Globalization (4.3)
      Microsoft.NETCore.Platforms (>= 1.1)
      Microsoft.NETCore.Targets (>= 1.1)
      System.Runtime (>= 4.3)
    System.Globalization.Calendars (4.3)
      Microsoft.NETCore.Platforms (>= 1.1)
      Microsoft.NETCore.Targets (>= 1.1)
      System.Globalization (>= 4.3)
      System.Runtime (>= 4.3)
    System.Globalization.Extensions (4.3)
      Microsoft.NETCore.Platforms (>= 1.1)
      System.Globalization (>= 4.3)
      System.Resources.ResourceManager (>= 4.3)
      System.Runtime (>= 4.3)
      System.Runtime.Extensions (>= 4.3)
      System.Runtime.InteropServices (>= 4.3)
    System.IdentityModel.Tokens.Jwt (8.8)
      Microsoft.IdentityModel.JsonWebTokens (>= 8.8)
      Microsoft.IdentityModel.Tokens (>= 8.8)
    System.IO (4.3)
      Microsoft.NETCore.Platforms (>= 1.1)
      Microsoft.NETCore.Targets (>= 1.1)
      System.Runtime (>= 4.3)
      System.Text.Encoding (>= 4.3)
      System.Threading.Tasks (>= 4.3)
    System.IO.FileSystem (4.3)
      Microsoft.NETCore.Platforms (>= 1.1)
      Microsoft.NETCore.Targets (>= 1.1)
      System.IO (>= 4.3)
      System.IO.FileSystem.Primitives (>= 4.3)
      System.Runtime (>= 4.3)
      System.Runtime.Handles (>= 4.3)
      System.Text.Encoding (>= 4.3)
      System.Threading.Tasks (>= 4.3)
    System.IO.FileSystem.Primitives (4.3)
      System.Runtime (>= 4.3)
    System.IO.Hashing (9.0.4)
    System.IO.Pipelines (9.0.4)
    System.Linq (4.3)
      System.Collections (>= 4.3)
      System.Diagnostics.Debug (>= 4.3)
      System.Resources.ResourceManager (>= 4.3)
      System.Runtime (>= 4.3)
      System.Runtime.Extensions (>= 4.3)
    System.Linq.Expressions (4.3)
      System.Collections (>= 4.3)
      System.Diagnostics.Debug (>= 4.3)
      System.Globalization (>= 4.3)
      System.IO (>= 4.3)
      System.Linq (>= 4.3)
      System.ObjectModel (>= 4.3)
      System.Reflection (>= 4.3)
      System.Reflection.Emit (>= 4.3)
      System.Reflection.Emit.ILGeneration (>= 4.3)
      System.Reflection.Emit.Lightweight (>= 4.3)
      System.Reflection.Extensions (>= 4.3)
      System.Reflection.Primitives (>= 4.3)
      System.Reflection.TypeExtensions (>= 4.3)
      System.Resources.ResourceManager (>= 4.3)
      System.Runtime (>= 4.3)
      System.Runtime.Extensions (>= 4.3)
      System.Threading (>= 4.3)
    System.Management (9.0.4)
      System.CodeDom (>= 9.0.4)
    System.Memory (4.6.3)
    System.Memory.Data (9.0.4)
    System.Net.Http (4.3.4)
      Microsoft.NETCore.Platforms (>= 1.1.1)
      runtime.native.System (>= 4.3)
      runtime.native.System.Net.Http (>= 4.3)
      runtime.native.System.Security.Cryptography.OpenSsl (>= 4.3.2)
      System.Collections (>= 4.3)
      System.Diagnostics.Debug (>= 4.3)
      System.Diagnostics.DiagnosticSource (>= 4.3)
      System.Diagnostics.Tracing (>= 4.3)
      System.Globalization (>= 4.3)
      System.Globalization.Extensions (>= 4.3)
      System.IO (>= 4.3)
      System.IO.FileSystem (>= 4.3)
      System.Net.Primitives (>= 4.3)
      System.Resources.ResourceManager (>= 4.3)
      System.Runtime (>= 4.3)
      System.Runtime.Extensions (>= 4.3)
      System.Runtime.Handles (>= 4.3)
      System.Runtime.InteropServices (>= 4.3)
      System.Security.Cryptography.Algorithms (>= 4.3)
      System.Security.Cryptography.Encoding (>= 4.3)
      System.Security.Cryptography.OpenSsl (>= 4.3)
      System.Security.Cryptography.Primitives (>= 4.3)
      System.Security.Cryptography.X509Certificates (>= 4.3)
      System.Text.Encoding (>= 4.3)
      System.Threading (>= 4.3)
      System.Threading.Tasks (>= 4.3)
    System.Net.Primitives (4.3.1)
      Microsoft.NETCore.Platforms (>= 1.1.1)
      Microsoft.NETCore.Targets (>= 1.1.3)
      System.Runtime (>= 4.3.1)
      System.Runtime.Handles (>= 4.3)
    System.ObjectModel (4.3)
      System.Collections (>= 4.3)
      System.Diagnostics.Debug (>= 4.3)
      System.Resources.ResourceManager (>= 4.3)
      System.Runtime (>= 4.3)
      System.Threading (>= 4.3)
    System.Private.DataContractSerialization (4.3)
      System.Collections (>= 4.3)
      System.Collections.Concurrent (>= 4.3)
      System.Diagnostics.Debug (>= 4.3)
      System.Globalization (>= 4.3)
      System.IO (>= 4.3)
      System.Linq (>= 4.3)
      System.Reflection (>= 4.3)
      System.Reflection.Emit.ILGeneration (>= 4.3)
      System.Reflection.Emit.Lightweight (>= 4.3)
      System.Reflection.Extensions (>= 4.3)
      System.Reflection.Primitives (>= 4.3)
      System.Reflection.TypeExtensions (>= 4.3)
      System.Resources.ResourceManager (>= 4.3)
      System.Runtime (>= 4.3)
      System.Runtime.Extensions (>= 4.3)
      System.Runtime.Serialization.Primitives (>= 4.3)
      System.Text.Encoding (>= 4.3)
      System.Text.Encoding.Extensions (>= 4.3)
      System.Text.RegularExpressions (>= 4.3)
      System.Threading (>= 4.3)
      System.Threading.Tasks (>= 4.3)
      System.Xml.ReaderWriter (>= 4.3)
      System.Xml.XDocument (>= 4.3)
      System.Xml.XmlDocument (>= 4.3)
      System.Xml.XmlSerializer (>= 4.3)
    System.Private.Uri (4.3.2)
      Microsoft.NETCore.Platforms (>= 1.1.1)
      Microsoft.NETCore.Targets (>= 1.1.3)
    System.Reflection (4.3)
      Microsoft.NETCore.Platforms (>= 1.1)
      Microsoft.NETCore.Targets (>= 1.1)
      System.IO (>= 4.3)
      System.Reflection.Primitives (>= 4.3)
      System.Runtime (>= 4.3)
    System.Reflection.Emit (4.7)
    System.Reflection.Emit.ILGeneration (4.7)
    System.Reflection.Emit.Lightweight (4.7)
    System.Reflection.Extensions (4.3)
      Microsoft.NETCore.Platforms (>= 1.1)
      Microsoft.NETCore.Targets (>= 1.1)
      System.Reflection (>= 4.3)
      System.Runtime (>= 4.3)
    System.Reflection.Metadata (9.0.4)
    System.Reflection.Primitives (4.3)
      Microsoft.NETCore.Platforms (>= 1.1)
      Microsoft.NETCore.Targets (>= 1.1)
      System.Runtime (>= 4.3)
    System.Reflection.TypeExtensions (4.7)
    System.Resources.ResourceManager (4.3)
      Microsoft.NETCore.Platforms (>= 1.1)
      Microsoft.NETCore.Targets (>= 1.1)
      System.Globalization (>= 4.3)
      System.Reflection (>= 4.3)
      System.Runtime (>= 4.3)
    System.Runtime (4.3.1)
      Microsoft.NETCore.Platforms (>= 1.1.1)
      Microsoft.NETCore.Targets (>= 1.1.3)
    System.Runtime.CompilerServices.Unsafe (6.1.2)
    System.Runtime.Extensions (4.3.1)
      Microsoft.NETCore.Platforms (>= 1.1.1)
      Microsoft.NETCore.Targets (>= 1.1.3)
      System.Runtime (>= 4.3.1)
    System.Runtime.Handles (4.3)
      Microsoft.NETCore.Platforms (>= 1.1)
      Microsoft.NETCore.Targets (>= 1.1)
      System.Runtime (>= 4.3)
    System.Runtime.InteropServices (4.3)
      Microsoft.NETCore.Platforms (>= 1.1)
      Microsoft.NETCore.Targets (>= 1.1)
      System.Reflection (>= 4.3)
      System.Reflection.Primitives (>= 4.3)
      System.Runtime (>= 4.3)
      System.Runtime.Handles (>= 4.3)
    System.Runtime.Numerics (4.3)
      System.Globalization (>= 4.3)
      System.Resources.ResourceManager (>= 4.3)
      System.Runtime (>= 4.3)
      System.Runtime.Extensions (>= 4.3)
    System.Runtime.Serialization.Formatters (9.0.4)
    System.Runtime.Serialization.Json (4.3)
      System.IO (>= 4.3)
      System.Private.DataContractSerialization (>= 4.3)
      System.Runtime (>= 4.3)
    System.Runtime.Serialization.Primitives (4.3)
      System.Resources.ResourceManager (>= 4.3)
      System.Runtime (>= 4.3)
    System.Security.AccessControl (6.0.1)
    System.Security.Cryptography.Algorithms (4.3.1)
      Microsoft.NETCore.Platforms (>= 1.1)
      runtime.native.System.Security.Cryptography.Apple (>= 4.3.1)
      runtime.native.System.Security.Cryptography.OpenSsl (>= 4.3.2)
      System.Collections (>= 4.3)
      System.IO (>= 4.3)
      System.Resources.ResourceManager (>= 4.3)
      System.Runtime (>= 4.3)
      System.Runtime.Extensions (>= 4.3)
      System.Runtime.Handles (>= 4.3)
      System.Runtime.InteropServices (>= 4.3)
      System.Runtime.Numerics (>= 4.3)
      System.Security.Cryptography.Encoding (>= 4.3)
      System.Security.Cryptography.Primitives (>= 4.3)
      System.Text.Encoding (>= 4.3)
    System.Security.Cryptography.Cng (5.0)
      System.Formats.Asn1 (>= 5.0)
    System.Security.Cryptography.Csp (4.3)
      Microsoft.NETCore.Platforms (>= 1.1)
      System.IO (>= 4.3)
      System.Reflection (>= 4.3)
      System.Resources.ResourceManager (>= 4.3)
      System.Runtime (>= 4.3)
      System.Runtime.Extensions (>= 4.3)
      System.Runtime.Handles (>= 4.3)
      System.Runtime.InteropServices (>= 4.3)
      System.Security.Cryptography.Algorithms (>= 4.3)
      System.Security.Cryptography.Encoding (>= 4.3)
      System.Security.Cryptography.Primitives (>= 4.3)
      System.Text.Encoding (>= 4.3)
      System.Threading (>= 4.3)
    System.Security.Cryptography.Encoding (4.3)
      Microsoft.NETCore.Platforms (>= 1.1)
      runtime.native.System.Security.Cryptography.OpenSsl (>= 4.3)
      System.Collections (>= 4.3)
      System.Collections.Concurrent (>= 4.3)
      System.Linq (>= 4.3)
      System.Resources.ResourceManager (>= 4.3)
      System.Runtime (>= 4.3)
      System.Runtime.Extensions (>= 4.3)
      System.Runtime.Handles (>= 4.3)
      System.Runtime.InteropServices (>= 4.3)
      System.Security.Cryptography.Primitives (>= 4.3)
      System.Text.Encoding (>= 4.3)
    System.Security.Cryptography.OpenSsl (5.0)
      System.Formats.Asn1 (>= 5.0)
    System.Security.Cryptography.Pkcs (9.0.4)
    System.Security.Cryptography.Primitives (4.3)
      System.Diagnostics.Debug (>= 4.3)
      System.Globalization (>= 4.3)
      System.IO (>= 4.3)
      System.Resources.ResourceManager (>= 4.3)
      System.Runtime (>= 4.3)
      System.Threading (>= 4.3)
      System.Threading.Tasks (>= 4.3)
    System.Security.Cryptography.ProtectedData (9.0.4)
    System.Security.Cryptography.X509Certificates (4.3.2)
      Microsoft.NETCore.Platforms (>= 1.1)
      runtime.native.System (>= 4.3)
      runtime.native.System.Net.Http (>= 4.3)
      runtime.native.System.Security.Cryptography.OpenSsl (>= 4.3.2)
      System.Collections (>= 4.3)
      System.Diagnostics.Debug (>= 4.3)
      System.Globalization (>= 4.3)
      System.Globalization.Calendars (>= 4.3)
      System.IO (>= 4.3)
      System.IO.FileSystem (>= 4.3)
      System.IO.FileSystem.Primitives (>= 4.3)
      System.Resources.ResourceManager (>= 4.3)
      System.Runtime (>= 4.3)
      System.Runtime.Extensions (>= 4.3)
      System.Runtime.Handles (>= 4.3)
      System.Runtime.InteropServices (>= 4.3)
      System.Runtime.Numerics (>= 4.3)
      System.Security.Cryptography.Algorithms (>= 4.3)
      System.Security.Cryptography.Cng (>= 4.3)
      System.Security.Cryptography.Csp (>= 4.3)
      System.Security.Cryptography.Encoding (>= 4.3)
      System.Security.Cryptography.OpenSsl (>= 4.3)
      System.Security.Cryptography.Primitives (>= 4.3)
      System.Text.Encoding (>= 4.3)
      System.Threading (>= 4.3)
    System.Security.Cryptography.Xml (9.0.4)
      System.Security.Cryptography.Pkcs (>= 9.0.4)
    System.Security.Principal.Windows (5.0)
    System.Security.SecureString (4.3)
      Microsoft.NETCore.Platforms (>= 1.1)
      System.Resources.ResourceManager (>= 4.3)
      System.Runtime (>= 4.3)
      System.Runtime.Handles (>= 4.3)
      System.Runtime.InteropServices (>= 4.3)
      System.Security.Cryptography.Primitives (>= 4.3)
      System.Text.Encoding (>= 4.3)
      System.Threading (>= 4.3)
    System.Text.Encoding (4.3)
      Microsoft.NETCore.Platforms (>= 1.1)
      Microsoft.NETCore.Targets (>= 1.1)
      System.Runtime (>= 4.3)
    System.Text.Encoding.CodePages (9.0.4)
    System.Text.Encoding.Extensions (4.3)
      Microsoft.NETCore.Platforms (>= 1.1)
      Microsoft.NETCore.Targets (>= 1.1)
      System.Runtime (>= 4.3)
      System.Text.Encoding (>= 4.3)
    System.Text.Json (9.0.4)
    System.Text.RegularExpressions (4.3.1)
      System.Runtime (>= 4.3.1)
    System.Threading (4.3)
      System.Runtime (>= 4.3)
      System.Threading.Tasks (>= 4.3)
    System.Threading.Tasks (4.3)
      Microsoft.NETCore.Platforms (>= 1.1)
      Microsoft.NETCore.Targets (>= 1.1)
      System.Runtime (>= 4.3)
    System.Threading.Tasks.Extensions (4.6.3)
    System.Threading.Thread (4.3)
      System.Runtime (>= 4.3)
    System.Threading.ThreadPool (4.3)
      System.Runtime (>= 4.3)
      System.Runtime.Handles (>= 4.3)
    System.ValueTuple (4.6.1)
    System.Xml.ReaderWriter (4.3.1)
      System.Collections (>= 4.3)
      System.Diagnostics.Debug (>= 4.3)
      System.Globalization (>= 4.3)
      System.IO (>= 4.3)
      System.IO.FileSystem (>= 4.3)
      System.IO.FileSystem.Primitives (>= 4.3)
      System.Resources.ResourceManager (>= 4.3)
      System.Runtime (>= 4.3)
      System.Runtime.Extensions (>= 4.3)
      System.Runtime.InteropServices (>= 4.3)
      System.Text.Encoding (>= 4.3)
      System.Text.Encoding.Extensions (>= 4.3)
      System.Text.RegularExpressions (>= 4.3)
      System.Threading.Tasks (>= 4.3)
      System.Threading.Tasks.Extensions (>= 4.3)
    System.Xml.XDocument (4.3)
      System.Collections (>= 4.3)
      System.Diagnostics.Debug (>= 4.3)
      System.Diagnostics.Tools (>= 4.3)
      System.Globalization (>= 4.3)
      System.IO (>= 4.3)
      System.Reflection (>= 4.3)
      System.Resources.ResourceManager (>= 4.3)
      System.Runtime (>= 4.3)
      System.Runtime.Extensions (>= 4.3)
      System.Text.Encoding (>= 4.3)
      System.Threading (>= 4.3)
      System.Xml.ReaderWriter (>= 4.3)
    System.Xml.XmlDocument (4.3)
      System.Collections (>= 4.3)
      System.Diagnostics.Debug (>= 4.3)
      System.Globalization (>= 4.3)
      System.IO (>= 4.3)
      System.Resources.ResourceManager (>= 4.3)
      System.Runtime (>= 4.3)
      System.Runtime.Extensions (>= 4.3)
      System.Text.Encoding (>= 4.3)
      System.Threading (>= 4.3)
      System.Xml.ReaderWriter (>= 4.3)
    System.Xml.XmlSerializer (4.3)
      System.Collections (>= 4.3)
      System.Globalization (>= 4.3)
      System.IO (>= 4.3)
      System.Linq (>= 4.3)
      System.Reflection (>= 4.3)
      System.Reflection.Emit (>= 4.3)
      System.Reflection.Emit.ILGeneration (>= 4.3)
      System.Reflection.Extensions (>= 4.3)
      System.Reflection.Primitives (>= 4.3)
      System.Reflection.TypeExtensions (>= 4.3)
      System.Resources.ResourceManager (>= 4.3)
      System.Runtime (>= 4.3)
      System.Runtime.Extensions (>= 4.3)
      System.Text.RegularExpressions (>= 4.3)
      System.Threading (>= 4.3)
      System.Xml.ReaderWriter (>= 4.3)
      System.Xml.XmlDocument (>= 4.3)
    TaskBuilder.fs (2.1)
      FSharp.Core (>= 4.1.17)
      NETStandard.Library (>= 1.6.1)
      System.ValueTuple (>= 4.4)
    Zanaptak.TypedCssClasses (1.0)
      FSharp.Core (>= 4.3.4)

GROUP Sqlite
STORAGE: NONE
RESTRICTION: == net9.0
NUGET
  remote: https://api.nuget.org/v3/index.json
    FSharp.Core (9.0.202)
    Microsoft.Data.Sqlite (9.0.4)
      Microsoft.Data.Sqlite.Core (>= 9.0.4)
      SQLitePCLRaw.bundle_e_sqlite3 (>= 2.1.10)
      SQLitePCLRaw.core (>= 2.1.10)
    Microsoft.Data.Sqlite.Core (9.0.4)
      SQLitePCLRaw.core (>= 2.1.10)
    SQLitePCLRaw.bundle_e_sqlite3 (2.1.11)
      SQLitePCLRaw.lib.e_sqlite3 (>= 2.1.11)
      SQLitePCLRaw.provider.e_sqlite3 (>= 2.1.11)
    SQLitePCLRaw.core (2.1.11)
      System.Memory (>= 4.5.3)
    SQLitePCLRaw.lib.e_sqlite3 (2.1.11)
    SQLitePCLRaw.provider.e_sqlite3 (2.1.11)
      SQLitePCLRaw.core (>= 2.1.11)
    System.Memory (4.6.3)

GROUP Test
STORAGE: NONE
NUGET
  remote: https://api.nuget.org/v3/index.json
    Azure.Core (1.45) - restriction: || (&& (>= net462) (>= netstandard2.0)) (>= net8.0)
      Microsoft.Bcl.AsyncInterfaces (>= 6.0) - restriction: || (>= net461) (>= netstandard2.0)
      System.ClientModel (>= 1.2.1) - restriction: || (>= net461) (>= netstandard2.0)
      System.Diagnostics.DiagnosticSource (>= 6.0.1) - restriction: || (>= net461) (&& (< net6.0) (>= netstandard2.0))
      System.Memory.Data (>= 6.0) - restriction: || (>= net461) (>= netstandard2.0)
      System.Net.Http (>= 4.3.4) - restriction: && (>= net461) (< net472)
      System.Numerics.Vectors (>= 4.5) - restriction: || (>= net461) (&& (< net6.0) (>= netstandard2.0))
      System.Runtime.InteropServices.RuntimeInformation (>= 4.3) - restriction: && (>= net461) (< net472)
      System.Text.Encodings.Web (>= 6.0) - restriction: || (>= net461) (&& (< net6.0) (>= netstandard2.0))
      System.Text.Json (>= 6.0.10) - restriction: || (>= net461) (&& (< net6.0) (>= netstandard2.0))
      System.Threading.Tasks.Extensions (>= 4.5.4) - restriction: || (>= net461) (>= netstandard2.0)
    Azure.Identity (1.13.2) - restriction: || (&& (>= net462) (>= netstandard2.0)) (>= net8.0)
      Azure.Core (>= 1.44.1) - restriction: >= netstandard2.0
      Microsoft.Identity.Client (>= 4.67.2) - restriction: >= netstandard2.0
      Microsoft.Identity.Client.Extensions.Msal (>= 4.67.2) - restriction: >= netstandard2.0
      System.Memory (>= 4.5.5) - restriction: >= netstandard2.0
      System.Text.Json (>= 6.0.10) - restriction: && (< net8.0) (>= netstandard2.0)
      System.Threading.Tasks.Extensions (>= 4.5.4) - restriction: >= netstandard2.0
    Expecto (10.2.3)
      FSharp.Core (>= 7.0.200) - restriction: >= net6.0
      Mono.Cecil (>= 0.11.4 < 1.0) - restriction: >= net6.0
    FSharp.Core (9.0.202) - restriction: >= net6.0
    Microsoft.Bcl.AsyncInterfaces (9.0.4) - restriction: || (&& (>= net462) (>= netstandard2.0)) (>= net8.0)
      System.Threading.Tasks.Extensions (>= 4.5.4) - restriction: || (>= net462) (&& (>= netstandard2.0) (< netstandard2.1))
    Microsoft.Bcl.Cryptography (9.0.4) - restriction: || (&& (>= net462) (>= netstandard2.0)) (&& (>= net462) (>= netstandard2.1)) (>= net8.0)
      System.Formats.Asn1 (>= 9.0.4) - restriction: || (>= net462) (&& (>= net8.0) (< net9.0)) (&& (< net8.0) (>= netstandard2.0))
      System.Memory (>= 4.5.5) - restriction: || (>= net462) (&& (< net8.0) (>= netstandard2.0))
      System.Runtime.CompilerServices.Unsafe (>= 6.0) - restriction: || (>= net462) (&& (< net8.0) (>= netstandard2.0))
    Microsoft.Bcl.Memory (9.0.4) - restriction: || (&& (>= net462) (>= net6.0)) (&& (>= net462) (>= net8.0)) (&& (>= net462) (>= netstandard2.0)) (&& (< net6.0) (>= net8.0)) (&& (>= net8.0) (< net9.0))
      System.Memory (>= 4.5.5) - restriction: || (>= net462) (&& (>= netstandard2.0) (< netstandard2.1))
      System.Runtime.CompilerServices.Unsafe (>= 6.0) - restriction: || (>= net462) (&& (< net8.0) (>= netstandard2.1)) (&& (>= netstandard2.0) (< netstandard2.1))
      System.ValueTuple (>= 4.5) - restriction: >= net462
    Microsoft.Bcl.TimeProvider (9.0.4) - restriction: || (&& (>= net462) (>= net6.0)) (&& (>= net462) (>= net8.0)) (&& (>= net462) (>= netstandard2.0)) (&& (< net6.0) (>= net8.0))
      Microsoft.Bcl.AsyncInterfaces (>= 9.0.4) - restriction: || (>= net462) (&& (< net8.0) (>= netstandard2.0))
      System.ValueTuple (>= 4.5) - restriction: >= net462
    Microsoft.Data.SqlClient (6.0.1) - restriction: >= netstandard2.0
      Azure.Identity (>= 1.11.4) - restriction: || (>= net462) (>= net8.0)
      Microsoft.Bcl.Cryptography (>= 8.0) - restriction: || (>= net462) (&& (>= net8.0) (< net9.0))
      Microsoft.Bcl.Cryptography (>= 9.0) - restriction: >= net9.0
      Microsoft.Data.SqlClient.SNI (>= 6.0.2) - restriction: >= net462
      Microsoft.Data.SqlClient.SNI.runtime (>= 6.0.2) - restriction: >= net8.0
      Microsoft.Extensions.Caching.Memory (>= 8.0.1) - restriction: || (>= net462) (&& (>= net8.0) (< net9.0))
      Microsoft.Extensions.Caching.Memory (>= 9.0) - restriction: >= net9.0
      Microsoft.IdentityModel.JsonWebTokens (>= 7.5) - restriction: || (>= net462) (>= net8.0)
      Microsoft.IdentityModel.Protocols.OpenIdConnect (>= 7.5) - restriction: || (>= net462) (>= net8.0)
      Microsoft.SqlServer.Server (>= 1.0) - restriction: >= net8.0
      System.Buffers (>= 4.5.1) - restriction: >= net462
      System.Configuration.ConfigurationManager (>= 8.0.1) - restriction: && (>= net8.0) (< net9.0)
      System.Configuration.ConfigurationManager (>= 9.0) - restriction: >= net9.0
      System.Security.Cryptography.Pkcs (>= 8.0.1) - restriction: || (>= net462) (&& (>= net8.0) (< net9.0))
      System.Security.Cryptography.Pkcs (>= 9.0) - restriction: >= net9.0
      System.Text.Encodings.Web (>= 6.0) - restriction: >= net462
      System.Text.Json (>= 6.0.10) - restriction: >= net462
    Microsoft.Data.SqlClient.SNI (6.0.2) - restriction: && (>= net462) (>= netstandard2.0)
    Microsoft.Data.SqlClient.SNI.runtime (6.0.2) - restriction: >= net8.0
    Microsoft.Extensions.Caching.Abstractions (9.0.4) - restriction: || (&& (>= net462) (>= netstandard2.0)) (>= net8.0)
      Microsoft.Extensions.Primitives (>= 9.0.4) - restriction: || (>= net462) (>= netstandard2.0)
      System.Threading.Tasks.Extensions (>= 4.5.4) - restriction: || (>= net462) (&& (< net8.0) (>= netstandard2.0))
    Microsoft.Extensions.Caching.Memory (9.0.4) - restriction: || (&& (>= net462) (>= netstandard2.0)) (>= net8.0)
      Microsoft.Extensions.Caching.Abstractions (>= 9.0.4) - restriction: || (>= net462) (>= netstandard2.0)
      Microsoft.Extensions.DependencyInjection.Abstractions (>= 9.0.4) - restriction: || (>= net462) (>= netstandard2.0)
      Microsoft.Extensions.Logging.Abstractions (>= 9.0.4) - restriction: || (>= net462) (>= netstandard2.0)
      Microsoft.Extensions.Options (>= 9.0.4) - restriction: || (>= net462) (>= netstandard2.0)
      Microsoft.Extensions.Primitives (>= 9.0.4) - restriction: || (>= net462) (>= netstandard2.0)
      System.ValueTuple (>= 4.5) - restriction: >= net462
    Microsoft.Extensions.DependencyInjection.Abstractions (9.0.4) - restriction: || (&& (>= net462) (>= netstandard2.0)) (>= net8.0)
      Microsoft.Bcl.AsyncInterfaces (>= 9.0.4) - restriction: || (>= net462) (&& (>= netstandard2.0) (< netstandard2.1))
      System.Threading.Tasks.Extensions (>= 4.5.4) - restriction: || (>= net462) (&& (>= netstandard2.0) (< netstandard2.1))
    Microsoft.Extensions.Logging.Abstractions (9.0.4) - restriction: || (&& (>= net462) (>= netstandard2.0)) (>= net8.0)
      Microsoft.Extensions.DependencyInjection.Abstractions (>= 9.0.4) - restriction: || (>= net462) (>= netstandard2.0)
      System.Buffers (>= 4.5.1) - restriction: || (>= net462) (&& (< net8.0) (>= netstandard2.0))
      System.Diagnostics.DiagnosticSource (>= 9.0.4) - restriction: || (>= net462) (&& (>= net8.0) (< net9.0)) (&& (< net8.0) (>= netstandard2.0))
      System.Memory (>= 4.5.5) - restriction: || (>= net462) (&& (< net8.0) (>= netstandard2.0))
    Microsoft.Extensions.Options (9.0.4) - restriction: || (&& (>= net462) (>= netstandard2.0)) (>= net8.0)
      Microsoft.Extensions.DependencyInjection.Abstractions (>= 9.0.4) - restriction: || (>= net462) (>= netstandard2.0)
      Microsoft.Extensions.Primitives (>= 9.0.4) - restriction: || (>= net462) (>= netstandard2.0)
      System.ValueTuple (>= 4.5) - restriction: >= net462
    Microsoft.Extensions.Primitives (9.0.4) - restriction: || (&& (>= net462) (>= netstandard2.0)) (>= net8.0)
      System.Memory (>= 4.5.5) - restriction: || (>= net462) (&& (< net8.0) (>= netstandard2.0))
      System.Runtime.CompilerServices.Unsafe (>= 6.0) - restriction: || (>= net462) (&& (< net8.0) (>= netstandard2.0))
    Microsoft.Identity.Client (4.70.2) - restriction: || (&& (>= net462) (>= netstandard2.0)) (>= net8.0)
      Microsoft.IdentityModel.Abstractions (>= 6.35) - restriction: || (>= net462) (>= netstandard2.0)
      System.Diagnostics.DiagnosticSource (>= 6.0.1) - restriction: || (>= net462) (&& (>= net8.0) (< net8.0-android) (< net8.0-ios)) (&& (< net8.0) (>= netstandard2.0))
    Microsoft.Identity.Client.Extensions.Msal (4.70.2) - restriction: || (&& (>= net462) (>= netstandard2.0)) (>= net8.0)
      Microsoft.Identity.Client (>= 4.70.2) - restriction: >= netstandard2.0
      System.IO.FileSystem.AccessControl (>= 5.0) - restriction: && (< net8.0) (>= netstandard2.0)
      System.Security.Cryptography.ProtectedData (>= 4.5) - restriction: >= netstandard2.0
    Microsoft.IdentityModel.Abstractions (8.8) - restriction: || (&& (>= net462) (>= netstandard2.0)) (>= net8.0)
    Microsoft.IdentityModel.JsonWebTokens (8.8) - restriction: || (&& (>= net462) (>= netstandard2.0)) (>= net8.0)
      Microsoft.Bcl.TimeProvider (>= 8.0.1) - restriction: || (>= net462) (&& (>= net6.0) (< net8.0)) (&& (< net6.0) (>= netstandard2.0))
      Microsoft.IdentityModel.Tokens (>= 8.8) - restriction: || (>= net462) (>= netstandard2.0)
    Microsoft.IdentityModel.Logging (8.8) - restriction: || (&& (>= net462) (>= netstandard2.0)) (>= net8.0)
      Microsoft.IdentityModel.Abstractions (>= 8.8) - restriction: || (>= net462) (>= netstandard2.0)
    Microsoft.IdentityModel.Protocols (8.8) - restriction: || (&& (>= net462) (>= netstandard2.0)) (>= net8.0)
      Microsoft.IdentityModel.Tokens (>= 8.8) - restriction: || (>= net462) (>= netstandard2.0)
    Microsoft.IdentityModel.Protocols.OpenIdConnect (8.8) - restriction: || (&& (>= net462) (>= netstandard2.0)) (>= net8.0)
      Microsoft.IdentityModel.Protocols (>= 8.8) - restriction: || (>= net462) (>= netstandard2.0)
      System.IdentityModel.Tokens.Jwt (>= 8.8) - restriction: || (>= net462) (>= netstandard2.0)
      System.Text.Json (>= 8.0.5) - restriction: || (>= net462) (&& (< net6.0) (>= netstandard2.0))
    Microsoft.IdentityModel.Tokens (8.8) - restriction: || (&& (>= net462) (>= netstandard2.0)) (>= net8.0)
      Microsoft.Bcl.Memory (>= 9.0) - restriction: || (>= net462) (&& (>= net6.0) (< net8.0)) (&& (< net6.0) (>= netstandard2.0)) (&& (>= net8.0) (< net9.0))
      Microsoft.Bcl.TimeProvider (>= 8.0.1) - restriction: || (>= net462) (&& (>= net6.0) (< net8.0)) (&& (< net6.0) (>= netstandard2.0))
      Microsoft.Extensions.Logging.Abstractions (>= 2.1) - restriction: || (&& (< net462) (< net6.0) (>= netstandard2.0)) (>= net472)
      Microsoft.Extensions.Logging.Abstractions (>= 6.0) - restriction: || (&& (>= net462) (< net472)) (&& (>= net6.0) (< net8.0))
      Microsoft.Extensions.Logging.Abstractions (>= 8.0) - restriction: && (>= net8.0) (< net9.0)
      Microsoft.Extensions.Logging.Abstractions (>= 8.0.2) - restriction: >= net9.0
      Microsoft.IdentityModel.Logging (>= 8.8) - restriction: || (>= net462) (>= netstandard2.0)
      System.Diagnostics.DiagnosticSource (>= 6.0.2) - restriction: || (>= net462) (&& (< net6.0) (>= netstandard2.0))
      System.Memory (>= 4.5.5) - restriction: >= net462
      System.Text.Json (>= 8.0.5) - restriction: || (>= net462) (&& (< net6.0) (>= netstandard2.0))
    Microsoft.SqlServer.Server (1.0) - restriction: >= net8.0
    Mono.Cecil (0.11.6) - restriction: >= net6.0
    System.Buffers (4.6.1) - restriction: || (&& (>= net462) (>= net8.0)) (&& (>= net462) (>= netstandard2.0)) (&& (>= net8.0) (< netcoreapp2.1) (< netstandard2.1))
    System.ClientModel (1.3) - restriction: || (&& (>= net462) (>= netstandard2.0)) (>= net8.0)
      Microsoft.Extensions.Logging.Abstractions (>= 6.0) - restriction: >= netstandard2.0
      System.Diagnostics.DiagnosticSource (>= 6.0.1) - restriction: && (< net6.0) (>= netstandard2.0)
      System.Memory.Data (>= 6.0) - restriction: >= netstandard2.0
      System.Text.Json (>= 6.0.10) - restriction: && (< net6.0) (>= netstandard2.0)
    System.Configuration.ConfigurationManager (9.0.4) - restriction: >= net8.0
      System.Diagnostics.EventLog (>= 9.0.4) - restriction: >= net8.0
      System.Security.Cryptography.ProtectedData (>= 9.0.4) - restriction: || (&& (< net462) (>= netstandard2.0)) (>= net8.0)
    System.Diagnostics.DiagnosticSource (9.0.4) - restriction: || (&& (>= net462) (>= net8.0)) (&& (>= net462) (>= netstandard2.0)) (&& (< net6.0) (>= net8.0)) (&& (>= net8.0) (< net8.0-android) (< net8.0-ios)) (&& (>= net8.0) (< net9.0))
      System.Memory (>= 4.5.5) - restriction: || (>= net462) (&& (< net8.0) (>= netstandard2.0))
      System.Runtime.CompilerServices.Unsafe (>= 6.0) - restriction: || (>= net462) (&& (< net8.0) (>= netstandard2.0))
    System.Diagnostics.EventLog (9.0.4) - restriction: >= net8.0
    System.Formats.Asn1 (9.0.4) - restriction: || (&& (>= net462) (>= net8.0)) (&& (>= net462) (>= netstandard2.0)) (&& (>= net462) (>= netstandard2.1)) (&& (>= net8.0) (< net9.0)) (&& (>= net8.0) (< netstandard2.1))
      System.Buffers (>= 4.5.1) - restriction: || (>= net462) (&& (< net8.0) (>= netstandard2.0))
      System.Memory (>= 4.5.5) - restriction: || (>= net462) (&& (< net8.0) (>= netstandard2.0))
      System.ValueTuple (>= 4.5) - restriction: >= net462
    System.IdentityModel.Tokens.Jwt (8.8) - restriction: || (&& (>= net462) (>= netstandard2.0)) (>= net8.0)
      Microsoft.IdentityModel.JsonWebTokens (>= 8.8) - restriction: || (>= net462) (>= netstandard2.0)
      Microsoft.IdentityModel.Tokens (>= 8.8) - restriction: || (>= net462) (>= netstandard2.0)
    System.IO (4.3) - restriction: || (&& (< net45) (>= net462) (>= netstandard2.0)) (&& (< net45) (>= net463) (>= netstandard2.0)) (&& (< net46) (>= net462) (>= netstandard2.0)) (&& (< net46) (>= net463) (>= netstandard2.0)) (&& (>= net461) (>= net8.0)) (&& (>= net463) (< net472) (>= netstandard2.0)) (&& (>= net463) (>= net8.0)) (&& (>= net463) (< netstandard1.4) (>= netstandard2.0))
    System.IO.FileSystem.AccessControl (5.0) - restriction: && (>= net462) (>= netstandard2.0)
      System.Security.AccessControl (>= 5.0) - restriction: || (&& (>= monoandroid) (< netstandard1.3)) (&& (< monoandroid) (< net46) (>= netstandard1.3) (< netstandard2.0)) (&& (< monoandroid) (>= netcoreapp2.0)) (>= monotouch) (&& (>= net46) (< netstandard2.0)) (&& (< net46) (< netcoreapp2.0) (>= netstandard2.0)) (>= net461) (>= netcoreapp2.1) (>= uap10.1) (>= xamarinios) (>= xamarinmac) (>= xamarintvos) (>= xamarinwatchos)
      System.Security.Principal.Windows (>= 5.0) - restriction: || (&& (>= monoandroid) (< netstandard1.3)) (&& (< monoandroid) (< net46) (>= netstandard1.3) (< netstandard2.0)) (&& (< monoandroid) (>= netcoreapp2.0)) (>= monotouch) (&& (>= net46) (< netstandard2.0)) (&& (< net46) (< netcoreapp2.0) (>= netstandard2.0)) (>= net461) (>= netcoreapp2.1) (>= uap10.1) (>= xamarinios) (>= xamarinmac) (>= xamarintvos) (>= xamarinwatchos)
    System.IO.Pipelines (9.0.4) - restriction: || (&& (>= net462) (>= net8.0)) (&& (>= net462) (>= netstandard2.0)) (&& (< net6.0) (>= net8.0))
      System.Buffers (>= 4.5.1) - restriction: || (>= net462) (&& (< net8.0) (>= netstandard2.0))
      System.Memory (>= 4.5.5) - restriction: || (>= net462) (&& (< net8.0) (>= netstandard2.0))
      System.Threading.Tasks.Extensions (>= 4.5.4) - restriction: || (>= net462) (&& (< net8.0) (>= netstandard2.0))
    System.Memory (4.6.3) - restriction: || (&& (>= net462) (>= netstandard2.0)) (>= net8.0)
      System.Buffers (>= 4.6.1) - restriction: || (>= net462) (&& (< netcoreapp2.1) (>= netstandard2.0) (< netstandard2.1))
      System.Numerics.Vectors (>= 4.6.1) - restriction: || (>= net462) (&& (< netcoreapp2.1) (>= netstandard2.0) (< netstandard2.1))
      System.Runtime.CompilerServices.Unsafe (>= 6.1.2) - restriction: || (>= net462) (&& (< netcoreapp2.1) (>= netstandard2.0) (< netstandard2.1))
    System.Memory.Data (9.0.4) - restriction: || (&& (>= net462) (>= netstandard2.0)) (>= net8.0)
      System.Memory (>= 4.5.5) - restriction: || (>= net462) (&& (< net8.0) (>= netstandard2.0))
      System.Text.Json (>= 9.0.4) - restriction: || (>= net462) (&& (>= net8.0) (< net9.0)) (&& (< net8.0) (>= netstandard2.0))
    System.Net.Http (4.3.4) - restriction: || (&& (>= net461) (>= net8.0)) (&& (>= net462) (< net472) (>= netstandard2.0))
      System.Security.Cryptography.X509Certificates (>= 4.3) - restriction: || (&& (< monoandroid) (< net45) (>= netstandard1.3) (< netstandard1.6) (< win8) (< wpa81)) (&& (< monotouch) (< net45) (>= netstandard1.6) (< xamarinios) (< xamarinmac) (< xamarintvos) (< xamarinwatchos)) (>= net46)
    System.Numerics.Vectors (4.6.1) - restriction: || (&& (>= net462) (>= net8.0)) (&& (>= net462) (>= netstandard2.0)) (&& (>= net8.0) (< netcoreapp2.1) (< netstandard2.1))
    System.Runtime (4.3.1) - restriction: || (&& (< net45) (>= net462) (>= netstandard2.0)) (&& (< net45) (>= net463) (>= netstandard2.0)) (&& (< net46) (>= net462) (>= netstandard2.0)) (&& (< net46) (>= net463) (>= netstandard2.0)) (&& (>= net461) (>= net8.0)) (&& (>= net463) (< net472) (>= netstandard2.0)) (&& (>= net463) (>= net8.0)) (&& (>= net463) (< netstandard1.4) (>= netstandard2.0))
    System.Runtime.CompilerServices.Unsafe (6.1.2) - restriction: || (&& (>= net462) (>= net8.0)) (&& (>= net462) (>= netstandard2.0)) (&& (>= net8.0) (< netcoreapp2.1) (< netstandard2.1))
    System.Runtime.InteropServices.RuntimeInformation (4.3) - restriction: || (&& (>= net461) (>= net8.0)) (&& (>= net462) (< net472) (>= netstandard2.0))
    System.Security.AccessControl (6.0.1) - restriction: || (&& (>= net462) (>= netcoreapp2.0)) (&& (>= net462) (>= netcoreapp2.1)) (&& (>= net462) (>= netstandard2.0)) (&& (>= net462) (>= xamarinios)) (&& (>= net462) (>= xamarinmac))
      System.Security.Principal.Windows (>= 5.0) - restriction: || (>= net461) (&& (< net6.0) (>= netstandard2.0))
    System.Security.Cryptography.Algorithms (4.3.1) - restriction: || (&& (< net45) (>= net462) (>= netstandard2.0)) (&& (< net46) (>= net462) (>= netstandard2.0)) (&& (>= net461) (>= net8.0)) (&& (>= net462) (< net472) (>= netstandard2.0)) (&& (>= net462) (< netstandard1.4) (>= netstandard2.0))
      System.IO (>= 4.3) - restriction: || (&& (< monoandroid) (< net46) (>= netstandard1.3) (< netstandard1.4)) (&& (< monoandroid) (< net46) (>= netstandard1.4) (< netstandard1.6)) (&& (< monotouch) (< net46) (>= netstandard1.6) (< xamarinios) (< xamarinmac) (< xamarintvos) (< xamarinwatchos)) (>= net463)
      System.Runtime (>= 4.3) - restriction: || (&& (< monoandroid) (< net46) (>= netstandard1.3) (< netstandard1.4)) (&& (< monoandroid) (< net46) (>= netstandard1.4) (< netstandard1.6)) (&& (< monotouch) (< net46) (>= netstandard1.6) (< xamarinios) (< xamarinmac) (< xamarintvos) (< xamarinwatchos)) (>= net463)
      System.Security.Cryptography.Encoding (>= 4.3) - restriction: || (&& (< monotouch) (< net46) (>= netstandard1.6) (< xamarinios) (< xamarinmac) (< xamarintvos) (< xamarinwatchos)) (>= net463)
      System.Security.Cryptography.Primitives (>= 4.3) - restriction: || (&& (< monoandroid) (< net46) (>= netstandard1.3) (< netstandard1.4)) (&& (< monoandroid) (< net46) (>= netstandard1.4) (< netstandard1.6)) (&& (< monotouch) (< net46) (>= netstandard1.6) (< xamarinios) (< xamarinmac) (< xamarintvos) (< xamarinwatchos)) (&& (>= net46) (< netstandard1.4)) (&& (>= net461) (< netstandard1.6)) (>= net463)
    System.Security.Cryptography.Encoding (4.3) - restriction: || (&& (< net45) (>= net462) (>= netstandard2.0)) (&& (< net46) (>= net462) (>= netstandard2.0)) (&& (>= net461) (>= net8.0)) (&& (>= net462) (< net472) (>= netstandard2.0)) (&& (>= net462) (< netstandard1.4) (>= netstandard2.0))
    System.Security.Cryptography.Pkcs (9.0.4) - restriction: || (&& (>= net462) (>= netstandard2.0)) (>= net8.0)
      Microsoft.Bcl.Cryptography (>= 9.0.4) - restriction: || (>= net462) (&& (>= net8.0) (< net9.0)) (&& (< net8.0) (>= netstandard2.1)) (&& (>= netstandard2.0) (< netstandard2.1))
      System.Formats.Asn1 (>= 9.0.4) - restriction: || (&& (< net462) (>= netstandard2.0) (< netstandard2.1)) (&& (>= net8.0) (< net9.0)) (&& (< net8.0) (>= netstandard2.1))
    System.Security.Cryptography.Primitives (4.3) - restriction: || (&& (< net45) (>= net462) (>= netstandard2.0)) (&& (< net45) (>= net463) (>= netstandard2.0)) (&& (< net46) (>= net462) (>= netstandard2.0)) (&& (< net46) (>= net463) (>= netstandard2.0)) (&& (>= net461) (>= net8.0)) (&& (>= net462) (< netstandard1.4) (>= netstandard2.0)) (&& (>= net462) (< netstandard1.6) (>= netstandard2.0)) (&& (>= net463) (< net472) (>= netstandard2.0)) (&& (>= net463) (>= net8.0)) (&& (>= net463) (< netstandard1.4) (>= netstandard2.0))
    System.Security.Cryptography.ProtectedData (9.0.4) - restriction: || (&& (>= net462) (>= netstandard2.0)) (>= net8.0)
    System.Security.Cryptography.X509Certificates (4.3.2) - restriction: || (&& (< net45) (>= net462) (>= netstandard2.0)) (&& (>= net461) (>= net8.0)) (&& (>= net462) (< net472) (>= netstandard2.0))
      System.Security.Cryptography.Algorithms (>= 4.3) - restriction: || (&& (< monoandroid) (< net46) (>= netstandard1.3) (< netstandard1.4)) (&& (< monoandroid) (< net46) (>= netstandard1.4) (< netstandard1.6)) (&& (< monotouch) (< net46) (>= netstandard1.6) (< xamarinios) (< xamarinmac) (< xamarintvos) (< xamarinwatchos)) (&& (>= net46) (< netstandard1.4)) (>= net461)
      System.Security.Cryptography.Encoding (>= 4.3) - restriction: || (&& (< monoandroid) (< net46) (>= netstandard1.3) (< netstandard1.4)) (&& (< monoandroid) (< net46) (>= netstandard1.4) (< netstandard1.6)) (&& (< monotouch) (< net46) (>= netstandard1.6) (< xamarinios) (< xamarinmac) (< xamarintvos) (< xamarinwatchos)) (&& (>= net46) (< netstandard1.4)) (>= net461)
    System.Security.Principal.Windows (5.0) - restriction: || (&& (>= net462) (>= netcoreapp2.0)) (&& (>= net462) (>= netcoreapp2.1)) (&& (>= net462) (>= netstandard2.0)) (&& (>= net462) (>= xamarinios)) (&& (>= net462) (>= xamarinmac))
    System.Text.Encodings.Web (9.0.4) - restriction: || (&& (>= net462) (>= net8.0)) (&& (>= net462) (>= netstandard2.0)) (&& (< net6.0) (>= net8.0))
      System.Buffers (>= 4.5.1) - restriction: || (>= net462) (&& (< net8.0) (>= netstandard2.0))
      System.Memory (>= 4.5.5) - restriction: || (>= net462) (&& (< net8.0) (>= netstandard2.0))
      System.Runtime.CompilerServices.Unsafe (>= 6.0) - restriction: || (>= net462) (&& (< net8.0) (>= netstandard2.0))
    System.Text.Json (9.0.4) - restriction: || (&& (>= net462) (>= net8.0)) (&& (>= net462) (>= netstandard2.0)) (&& (< net6.0) (>= net8.0)) (&& (>= net8.0) (< net9.0))
      Microsoft.Bcl.AsyncInterfaces (>= 9.0.4) - restriction: || (>= net462) (&& (< net8.0) (>= netstandard2.0))
      System.Buffers (>= 4.5.1) - restriction: || (>= net462) (&& (< net8.0) (>= netstandard2.0))
      System.IO.Pipelines (>= 9.0.4) - restriction: || (>= net462) (&& (>= net8.0) (< net9.0)) (&& (< net8.0) (>= netstandard2.0))
      System.Memory (>= 4.5.5) - restriction: || (>= net462) (&& (< net8.0) (>= netstandard2.0))
      System.Runtime.CompilerServices.Unsafe (>= 6.0) - restriction: || (>= net462) (&& (< net8.0) (>= netstandard2.0))
      System.Text.Encodings.Web (>= 9.0.4) - restriction: || (>= net462) (&& (>= net8.0) (< net9.0)) (&& (< net8.0) (>= netstandard2.0))
      System.Threading.Tasks.Extensions (>= 4.5.4) - restriction: || (>= net462) (&& (< net8.0) (>= netstandard2.0))
      System.ValueTuple (>= 4.5) - restriction: >= net462
    System.Threading.Tasks.Extensions (4.6.3) - restriction: || (&& (>= net462) (>= netstandard2.0)) (>= net8.0)
      System.Runtime.CompilerServices.Unsafe (>= 6.1.2) - restriction: || (>= net462) (&& (< netcoreapp2.1) (>= netstandard2.0) (< netstandard2.1))
    System.ValueTuple (4.6.1) - restriction: || (&& (>= net462) (>= net8.0)) (&& (>= net462) (>= netstandard2.0))
    ThrowawayDb (1.5)
      Microsoft.Data.SqlClient (>= 2.1.1) - restriction: >= netstandard2.0
